GEM
  remote: http://rubygems.org/
  specs:
    awesome_print (0.3.2)
    faker (0.9.5)
      i18n (~> 0.4)
    i18n (0.5.0)

PLATFORMS
  ruby

DEPENDENCIES
  awesome_print
  faker
