GEM
  remote: http://rubygems.org/
  specs:
    SystemTimer (1.2.3)
    awesome_print (0.3.2)
    exceptional (2.0.32)
      rack
    faker (0.9.5)
      i18n (~> 0.4)
    i18n (0.5.0)
    json (1.4.6)
    rack (1.2.1)
    redis (2.2.0)
    redis-namespace (0.10.0)
      redis (< 3.0.0)
    resque (1.13.0)
      json (~> 1.4.6)
      redis-namespace (>= 0.10.0)
      sinatra (>= 0.9.2)
      vegas (~> 0.1.2)
    resque-scheduler (1.9.8)
      redis (>= 2.0.1)
      resque (>= 1.8.0)
      rufus-scheduler
    rufus-scheduler (2.0.8)
      tzinfo (>= 0.3.23)
    sinatra (1.1.2)
      rack (~> 1.1)
      tilt (~> 1.2)
    tilt (1.2.2)
    tzinfo (0.3.24)
    vegas (0.1.8)
      rack (>= 1.0.0)

PLATFORMS
  ruby

DEPENDENCIES
  SystemTimer
  awesome_print
  exceptional
  faker
  resque-scheduler
