GEM
  remote: http://rubygems.org/
  specs:
    SystemTimer (1.2.3)
    awesome_print (0.3.2)
    crypt (1.1.4)
    diff-lcs (1.1.2)
    exceptional (2.0.32)
      rack
    extlib (0.9.15)
    faker (0.9.5)
      i18n (~> 0.4)
    highline (1.6.1)
    i18n (0.5.0)
    json (1.4.6)
    mime-types (1.16)
    rack (1.2.2)
    rake (0.8.7)
    redis (2.1.1)
    redis-namespace (0.10.0)
      redis (< 3.0.0)
    resque (1.14.0)
      json (~> 1.4.6)
      redis-namespace (>= 0.10.0)
      sinatra (>= 0.9.2)
      vegas (~> 0.1.2)
    resque-scheduler (1.9.9)
      redis (>= 2.0.1)
      resque (>= 1.8.0)
      rufus-scheduler
    rest-client (1.6.1)
      mime-types (>= 1.16)
    rhosync (2.1.3)
      json (~> 1.4.2)
      rake (>= 0.8.7)
      redis (~> 2.1.1)
      resque (~> 1.14.0)
      rest-client (~> 1.6.1)
      rubyzip (~> 0.9.4)
      sinatra (~> 1.2)
      sqlite3-ruby (~> 1.2.5)
      templater (~> 1.0.0)
      uuidtools (>= 2.1.1)
    rubyzip (0.9.4)
    rufus-scheduler (2.0.9)
      tzinfo (>= 0.3.23)
    sinatra (1.2.6)
      rack (~> 1.1)
      tilt (>= 1.2.2, < 2.0)
    sqlite3-ruby (1.2.5)
    templater (1.0.0)
      diff-lcs (>= 1.1.2)
      extlib (>= 0.9.5)
      highline (>= 1.4.0)
    tilt (1.3)
    tzinfo (0.3.27)
    uuidtools (2.1.2)
    vegas (0.1.8)
      rack (>= 1.0.0)

PLATFORMS
  ruby

DEPENDENCIES
  SystemTimer
  awesome_print
  crypt
  exceptional
  faker
  resque-scheduler
  rhosync (= 2.1.3)
