GEM
  remote: http://rubygems.org/
  specs:
    SystemTimer (1.2.3)
    awesome_print (0.4.0)
    crypt (1.1.4)
    exceptional (2.0.32)
      rack
    faker (0.9.5)
      i18n (~> 0.4)
    i18n (0.6.0)
    json (1.4.6)
    rack (1.3.0)
    rack-ssl-enforcer (0.2.2)
    redis (2.1.1)
    redis-namespace (1.0.3)
      redis (< 3.0.0)
    resque (1.14.0)
      json (~> 1.4.6)
      redis-namespace (>= 0.10.0)
      sinatra (>= 0.9.2)
      vegas (~> 0.1.2)
    resque-scheduler (1.9.9)
      redis (>= 2.0.1)
      resque (>= 1.8.0)
      rufus-scheduler
    rufus-scheduler (2.0.10)
      tzinfo (>= 0.3.23)
    sinatra (1.2.6)
      rack (~> 1.1)
      tilt (>= 1.2.2, < 2.0)
    tilt (1.3.2)
    tzinfo (0.3.29)
    vegas (0.1.8)
      rack (>= 1.0.0)

PLATFORMS
  ruby

DEPENDENCIES
  SystemTimer
  awesome_print
  crypt
  exceptional
  faker
  rack-ssl-enforcer
  resque-scheduler
