GEM
  remote: http://rubygems.org/
  specs:
    async-rack (0.5.1)
      rack (~> 1.1)
    awesome_print (1.6.1)
    connection_pool (1.2.0)
    crypt19-rb (1.3.1)
    daemons (1.2.3)
    diff-lcs (1.2.5)
    eventmachine (1.0.9.1)
    exceptional (2.0.33)
      rack
    faker (1.6.3)
      i18n (~> 0.5)
    i18n (0.7.0)
    json (1.8.3)
    mime-types (1.25.1)
    mono_logger (1.1.0)
    multi_json (1.11.2)
    rack (1.5.5)
    rack-fiber_pool (0.9.3)
    rack-protection (1.5.3)
      rack
    rack-test (0.6.3)
      rack (>= 1.0)
    rake (10.4.2)
    redis (3.2.2)
    redis-namespace (1.5.2)
      redis (~> 3.0, >= 3.0.4)
    resque (1.25.2)
      mono_logger (~> 1.0)
      multi_json (~> 1.0)
      redis-namespace (~> 1.3)
      sinatra (>= 0.9.2)
      vegas (~> 0.1.2)
    resque-scheduler (4.1.0)
      mono_logger (~> 1.0)
      redis (~> 3.0)
      resque (~> 1.25)
      rufus-scheduler (~> 3.0)
    rest-client (1.6.9)
      mime-types (~> 1.16)
    rhoconnect (5.4.0)
      bundler (~> 1.0)
      connection_pool (~> 1.2.0)
      json (~> 1.8)
      rack (~> 1.5.2)
      rake (~> 10.4.0)
      redis (>= 3.0.1)
      resque (>= 1.22.0)
      rest-client (~> 1.6.1)
      rubyzip (~> 1.1)
      sinatra (~> 1.4)
      thor (~> 0.18.0)
    rhomobile-debug (1.0.7)
    rspec (2.99.0)
      rspec-core (~> 2.99.0)
      rspec-expectations (~> 2.99.0)
      rspec-mocks (~> 2.99.0)
    rspec-core (2.99.2)
    rspec-expectations (2.99.2)
      diff-lcs (>= 1.1.3, < 2.0)
    rspec-mocks (2.99.4)
    rubyzip (1.2.0)
    rufus-scheduler (3.2.0)
    sinatra (1.4.7)
      rack (~> 1.5)
      rack-protection (~> 1.4)
      tilt (>= 1.3, < 3)
    thin (1.6.4)
      daemons (~> 1.0, >= 1.0.9)
      eventmachine (~> 1.0, >= 1.0.4)
      rack (~> 1.0)
    thor (0.18.1)
    tilt (2.0.2)
    vegas (0.1.11)
      rack (>= 1.0.0)
    win32-api (1.5.3-universal-mingw32)
    win32-process (0.6.6)
      windows-pr (>= 1.2.2)
    windows-api (0.4.4)
      win32-api (>= 1.4.5)
    windows-pr (1.2.4)
      win32-api (>= 1.4.5)
      windows-api (>= 0.4.0)

PLATFORMS
  x86-mingw32

DEPENDENCIES
  async-rack
  awesome_print
  crypt19-rb
  dbd-jdbc (>= 0.1.4)
  dbi (>= 0.4.5)
  eventmachine (~> 1.0.5)
  exceptional
  faker
  jdbc-sqlite3 (>= 3.7.2)
  puma (~> 1.6.0)
  rack-fiber_pool
  rack-test (~> 0.6)
  resque
  resque-scheduler
  rhoconnect (= 5.4.0)
  rhomobile-debug (>= 1.0.2)
  rspec (~> 2.14)
  thin
  warbler
  win32-process (= 0.6.6)

BUNDLED WITH
   1.11.2
